PATH
  remote: .
  specs:
    actionmailer (4.1.10.rc1)
      actionpack (= 4.1.10.rc1)
      actionview (= 4.1.10.rc1)
      mail (~> 2.5, >= 2.5.4)
    actionpack (4.1.10.rc1)
      actionview (= 4.1.10.rc1)
      activesupport (= 4.1.10.rc1)
      rack (~> 1.5.2)
      rack-test (~> 0.6.2)
    actionview (4.1.10.rc1)
      activesupport (= 4.1.10.rc1)
      builder (~> 3.1)
      erubis (~> 2.7.0)
    activemodel (4.1.10.rc1)
      activesupport (= 4.1.10.rc1)
      builder (~> 3.1)
    activerecord (4.1.10.rc1)
      activemodel (= 4.1.10.rc1)
      activesupport (= 4.1.10.rc1)
      arel (~> 5.0.0)
    activesupport (4.1.10.rc1)
      i18n (~> 0.6, >= 0.6.9)
      json (~> 1.7, >= 1.7.7)
      minitest (~> 5.1)
      thread_safe (~> 0.1)
      tzinfo (~> 1.1)
    rails (4.1.10.rc1)
      actionmailer (= 4.1.10.rc1)
      actionpack (= 4.1.10.rc1)
      actionview (= 4.1.10.rc1)
      activemodel (= 4.1.10.rc1)
      activerecord (= 4.1.10.rc1)
      activesupport (= 4.1.10.rc1)
      bundler (>= 1.3.0, < 2.0)
      railties (= 4.1.10.rc1)
      sprockets-rails (~> 2.0)
    railties (4.1.10.rc1)
      actionpack (= 4.1.10.rc1)
      activesupport (= 4.1.10.rc1)
      rake (>= 0.8.7)
      thor (>= 0.18.1, < 2.0)

GEM
  remote: https://rubygems.org/
  specs:
    arel (5.0.1.20140414130214)
    bcrypt (3.1.10)
    benchmark-ips (2.1.1)
    builder (3.2.2)
    coffee-rails (4.0.1)
      coffee-script (>= 2.2.0)
      railties (>= 4.0.0, < 5.0)
    coffee-script (2.3.0)
      coffee-script-source
      execjs
    coffee-script-source (1.9.0)
    dalli (2.7.2)
    erubis (2.7.0)
    execjs (2.3.0)
    hike (1.2.3)
    i18n (0.7.0)
    jquery-rails (3.1.2)
      railties (>= 3.0, < 5.0)
      thor (>= 0.14, < 2.0)
    json (1.8.2)
    kindlerb (0.1.1)
      mustache
      nokogiri
    mail (2.6.3)
      mime-types (>= 1.16, < 3)
    metaclass (0.0.4)
    mime-types (2.4.3)
    mini_portile (0.6.2)
    minitest (5.3.3)
    mocha (0.14.0)
      metaclass (~> 0.0.1)
    multi_json (1.10.1)
    mustache (0.99.8)
    mysql (2.9.1)
    mysql2 (0.3.18)
    nokogiri (1.6.6.2)
      mini_portile (~> 0.6.0)
    pg (0.18.1)
    racc (1.4.12)
    rack (1.5.2)
    rack-cache (1.2)
      rack (>= 0.4)
    rack-test (0.6.3)
      rack (>= 1.0)
    rake (10.4.2)
    rdoc (4.2.0)
    redcarpet (2.2.2)
    ruby-prof (0.11.3)
    sdoc (0.4.1)
      json (~> 1.7, >= 1.7.7)
      rdoc (~> 4.0)
    sprockets (2.12.3)
      hike (~> 1.2)
      multi_json (~> 1.0)
      rack (~> 1.0)
      tilt (~> 1.1, != 1.3.0)
    sprockets-rails (2.2.4)
      actionpack (>= 3.0)
      activesupport (>= 3.0)
      sprockets (>= 2.8, < 4.0)
    sqlite3 (1.3.10)
    thor (0.19.1)
    thread_safe (0.3.4)
    tilt (1.4.1)
    turbolinks (2.5.3)
      coffee-rails
    tzinfo (1.2.2)
      thread_safe (~> 0.1)
    uglifier (2.7.0)
      execjs (>= 0.3.0)
      json (>= 1.8.0)
    w3c_validators (1.2)
      json
      nokogiri

PLATFORMS
  ruby

DEPENDENCIES
  activerecord-jdbcmysql-adapter (>= 1.3.0)
  activerecord-jdbcpostgresql-adapter (>= 1.3.0)
  activerecord-jdbcsqlite3-adapter (>= 1.3.0)
  bcrypt (~> 3.1.7)
  benchmark-ips
  coffee-rails (~> 4.0.0)
  dalli (>= 2.2.1)
  jquery-rails (~> 3.1.0)
  json
  kindlerb (= 0.1.1)
  minitest (< 5.3.4)
  mocha (~> 0.14)
  mustache (~> 0.99.8)
  mysql (>= 2.9.0)
  mysql2 (>= 0.3.13)
  nokogiri (>= 1.4.5)
  pg (>= 0.11.0)
  racc (>= 1.4.6)
  rack-cache (~> 1.2)
  rails!
  redcarpet (~> 2.2.2)
  ruby-prof (~> 0.11.2)
  sdoc (~> 0.4.0)
  sqlite3 (~> 1.3.6)
  turbolinks
  uglifier (>= 1.3.0)
  w3c_validators
