GIT
  remote: https://github.com/bkeepers/qu.git
  revision: d098e2657c92e89a6413bebd9c033930759c061f
  branch: master
  specs:
    qu (0.2.0)
    qu-rails (0.2.0)
      qu (= 0.2.0)
      railties (>= 3.2, < 5)
    qu-redis (0.2.0)
      qu (= 0.2.0)
      redis-namespace

PATH
  remote: .
  specs:
    actionmailer (4.2.9)
      actionpack (= 4.2.9)
      actionview (= 4.2.9)
      activejob (= 4.2.9)
      mail (~> 2.5, >= 2.5.4)
      rails-dom-testing (~> 1.0, >= 1.0.5)
    actionpack (4.2.9)
      actionview (= 4.2.9)
      activesupport (= 4.2.9)
      rack (~> 1.6)
      rack-test (~> 0.6.2)
      rails-dom-testing (~> 1.0, >= 1.0.5)
      rails-html-sanitizer (~> 1.0, >= 1.0.2)
    actionview (4.2.9)
      activesupport (= 4.2.9)
      builder (~> 3.1)
      erubis (~> 2.7.0)
      rails-dom-testing (~> 1.0, >= 1.0.5)
      rails-html-sanitizer (~> 1.0, >= 1.0.3)
    activejob (4.2.9)
      activesupport (= 4.2.9)
      globalid (>= 0.3.0)
    activemodel (4.2.9)
      activesupport (= 4.2.9)
      builder (~> 3.1)
    activerecord (4.2.9)
      activemodel (= 4.2.9)
      activesupport (= 4.2.9)
      arel (~> 6.0)
    activesupport (4.2.9)
      i18n (~> 0.7)
      minitest (~> 5.1)
      thread_safe (~> 0.3, >= 0.3.4)
      tzinfo (~> 1.1)
    rails (4.2.9)
      actionmailer (= 4.2.9)
      actionpack (= 4.2.9)
      actionview (= 4.2.9)
      activejob (= 4.2.9)
      activemodel (= 4.2.9)
      activerecord (= 4.2.9)
      activesupport (= 4.2.9)
      bundler (>= 1.3.0, < 2.0)
      railties (= 4.2.9)
      sprockets-rails
    railties (4.2.9)
      actionpack (= 4.2.9)
      activesupport (= 4.2.9)
      rake (>= 0.8.7)
      thor (>= 0.18.1, < 2.0)

GEM
  remote: https://rubygems.org/
  specs:
    amq-protocol (1.9.2)
    arel (6.0.4)
    backburner (1.4.1)
      beaneater (~> 1.0)
      concurrent-ruby (~> 1.0.1)
      dante (> 0.1.5)
    bcrypt (3.1.11)
    bcrypt (3.1.11-x64-mingw32)
    bcrypt (3.1.11-x86-mingw32)
    beaneater (1.0.0)
    benchmark-ips (2.7.2)
    builder (3.2.3)
    bunny (2.0.0)
      amq-protocol (>= 1.9.2)
    celluloid (0.17.3)
      celluloid-essentials
      celluloid-extras
      celluloid-fsm
      celluloid-pool
      celluloid-supervision
      timers (>= 4.1.1)
    celluloid-essentials (0.20.5)
      timers (>= 4.1.1)
    celluloid-extras (0.20.5)
      timers (>= 4.1.1)
    celluloid-fsm (0.20.5)
      timers (>= 4.1.1)
    celluloid-pool (0.20.5)
      timers (>= 4.1.1)
    celluloid-supervision (0.20.6)
      timers (>= 4.1.1)
    coffee-rails (4.1.1)
      coffee-script (>= 2.2.0)
      railties (>= 4.0.0, < 5.1.x)
    coffee-script (2.4.1)
      coffee-script-source
      execjs
    coffee-script-source (1.12.2)
    concurrent-ruby (1.0.5)
    connection_pool (2.2.1)
    dalli (2.7.6)
    dante (0.2.0)
    delayed_job (4.1.3)
      activesupport (>= 3.0, < 5.2)
    delayed_job_active_record (4.1.2)
      activerecord (>= 3.0, < 5.2)
      delayed_job (>= 3.0, < 5)
    erubis (2.7.0)
    et-orbi (1.0.4)
      tzinfo
    execjs (2.4.0)
    globalid (0.4.0)
      activesupport (>= 4.2.0)
    hitimes (1.2.5)
    hitimes (1.2.5-x86-mingw32)
    i18n (0.8.4)
    jquery-rails (4.3.1)
      rails-dom-testing (>= 1, < 3)
      railties (>= 4.2.0)
      thor (>= 0.14, < 2.0)
    json (2.1.0)
    kindlerb (0.1.1)
      mustache
      nokogiri
    loofah (2.0.3)
      nokogiri (>= 1.5.9)
    mail (2.6.6)
      mime-types (>= 1.16, < 4)
    metaclass (0.0.4)
    mime-types (2.99.3)
    mini_portile2 (2.2.0)
    minitest (5.3.3)
    mocha (0.14.0)
      metaclass (~> 0.0.1)
    mono_logger (1.1.0)
    multi_json (1.12.1)
    mustache (0.99.8)
    mysql (2.9.1)
    mysql2 (0.4.6)
    nokogiri (1.8.0)
      mini_portile2 (~> 2.2.0)
    nokogiri (1.8.0-x64-mingw32)
      mini_portile2 (~> 2.2.0)
    nokogiri (1.8.0-x86-mingw32)
      mini_portile2 (~> 2.2.0)
    pg (0.18.4)
    psych (2.2.4)
    que (0.13.0)
    queue_classic (3.1.0)
      pg (>= 0.17, < 0.19)
    racc (1.4.14)
    rack (1.6.8)
    rack-cache (1.7.0)
      rack (>= 0.4)
    rack-protection (1.5.3)
      rack
    rack-test (0.6.3)
      rack (>= 1.0)
    rails-deprecated_sanitizer (1.0.3)
      activesupport (>= 4.2.0.alpha)
    rails-dom-testing (1.0.8)
      activesupport (>= 4.2.0.beta, < 5.0)
      nokogiri (~> 1.6)
      rails-deprecated_sanitizer (>= 1.0.1)
    rails-html-sanitizer (1.0.3)
      loofah (~> 2.0)
    rake (12.0.0)
    rdoc (5.1.0)
    redcarpet (3.1.2)
    redis (3.3.3)
    redis-namespace (1.5.3)
      redis (~> 3.0, >= 3.0.4)
    resque (1.27.4)
      mono_logger (~> 1.0)
      multi_json (~> 1.0)
      redis-namespace (~> 1.3)
      sinatra (>= 0.9.2)
      vegas (~> 0.1.2)
    resque-scheduler (4.3.0)
      mono_logger (~> 1.0)
      redis (~> 3.3)
      resque (~> 1.26)
      rufus-scheduler (~> 3.2)
    ruby-prof (0.11.3)
    rufus-scheduler (3.4.2)
      et-orbi (~> 1.0)
    sdoc (1.0.0.rc2)
      rdoc (~> 5.0)
    sequel (4.47.0)
    serverengine (1.5.11)
      sigdump (~> 0.2.2)
    sidekiq (5.0.2)
      concurrent-ruby (~> 1.0)
      connection_pool (~> 2.2, >= 2.2.0)
      rack-protection (>= 1.5.0)
      redis (~> 3.3, >= 3.3.3)
    sigdump (0.2.4)
    sinatra (1.4.8)
      rack (~> 1.5)
      rack-protection (~> 1.4)
      tilt (>= 1.3, < 3)
    sneakers (1.1.2)
      bunny (>= 1.7.0, <= 2.0.0)
      serverengine (~> 1.5.5)
      thor
      thread (~> 0.1.7)
    sprockets (3.0.3)
      rack (~> 1.0)
    sprockets-rails (3.2.0)
      actionpack (>= 4.0)
      activesupport (>= 4.0)
      sprockets (>= 3.0.0)
    sqlite3 (1.3.13)
    stackprof (0.2.10)
    sucker_punch (1.6.0)
      celluloid (~> 0.17.2)
    thor (0.19.4)
    thread (0.1.7)
    thread_safe (0.3.6)
    tilt (2.0.7)
    timers (4.1.2)
      hitimes
    turbolinks (5.0.1)
      turbolinks-source (~> 5)
    turbolinks-source (5.0.3)
    tzinfo (1.2.3)
      thread_safe (~> 0.1)
    uglifier (3.2.0)
      execjs (>= 0.3.0, < 3)
    vegas (0.1.11)
      rack (>= 1.0.0)
    w3c_validators (1.3.2)
      json (>= 1.8)
      nokogiri (~> 1.6)

PLATFORMS
  ruby
  x64-mingw32
  x86-mingw32

DEPENDENCIES
  activerecord-jdbcmysql-adapter (>= 1.3.0)
  activerecord-jdbcpostgresql-adapter (>= 1.3.0)
  activerecord-jdbcsqlite3-adapter (>= 1.3.0)
  amq-protocol (< 2.0.0)
  backburner
  bcrypt (~> 3.1.10)
  benchmark-ips
  coffee-rails (~> 4.1.0)
  dalli (>= 2.2.1)
  delayed_job
  delayed_job_active_record
  execjs (< 2.5)
  jquery-rails (~> 4.0)
  kindlerb (= 0.1.1)
  mime-types (< 3)
  minitest (< 5.3.4)
  mocha (~> 0.14)
  mustache (~> 0.99.8)
  mysql (>= 2.9.0)
  mysql2 (>= 0.4.0)
  nokogiri (>= 1.7)
  pg (>= 0.15.0)
  psych (~> 2.0)
  qu-rails!
  qu-redis
  que
  queue_classic
  racc (>= 1.4.6)
  rack-cache (~> 1.2)
  rails!
  rake (>= 10.3)
  redcarpet (~> 3.1.2)
  resque
  resque-scheduler
  ruby-prof (~> 0.11.2)
  sdoc (>= 1.0.0.rc1, < 1.1)
  sequel
  sidekiq
  sneakers (< 2.0.0)
  sprockets (~> 3.0.0.rc.1)
  sqlite3 (~> 1.3.6)
  stackprof
  sucker_punch (< 2.0)
  turbolinks
  uglifier (>= 1.3.0)
  w3c_validators

BUNDLED WITH
   1.15.1
